GEM
  remote: https://rubygems.org/
  specs:
    activesupport (4.0.0)
      i18n (~> 0.6, >= 0.6.4)
      minitest (~> 4.2)
      multi_json (~> 1.3)
      thread_safe (~> 0.1)
      tzinfo (~> 0.3.37)
    anvil-cli (0.16.1)
      progress (~> 2.4.0)
      rest-client (~> 1.6.7)
      thor (~> 0.15.2)
    atomic (1.1.14)
    diff-lcs (1.1.3)
    excon (0.25.3)
    heroku-api (0.3.15)
      excon (~> 0.25.1)
    heroku_hatchet (1.1.6)
      activesupport
      anvil-cli
      excon
      heroku-api
      repl_runner
      rrrretry
      thor
    i18n (0.6.5)
    mime-types (1.25)
    minitest (4.7.5)
    multi_json (1.8.2)
    parallel (0.6.5)
    parallel_tests (0.13.1)
      parallel
    progress (2.4.0)
    rake (10.0.4)
    repl_runner (0.0.2)
      activesupport
    rest-client (1.6.7)
      mime-types (>= 1.16)
    rrrretry (0.0.1)
    rspec (2.2.0)
      rspec-core (~> 2.2)
      rspec-expectations (~> 2.2)
      rspec-mocks (~> 2.2)
    rspec-core (2.13.1)
    rspec-expectations (2.12.1)
      diff-lcs (~> 1.1.3)
    rspec-mocks (2.13.1)
    rspec-retry (0.2.1)
      rspec
    thor (0.15.4)
    thread_safe (0.1.3)
      atomic
    tzinfo (0.3.38)

PLATFORMS
  ruby

DEPENDENCIES
  excon
  heroku_hatchet
  parallel_tests
  rake
  rspec-core
  rspec-expectations
  rspec-retry
